GEM
  remote: https://rubygems.org/
  specs:
    filewatcher (1.1.1)
      optimist (~> 3.0)
    optimist (3.0.1)

PLATFORMS
  ruby

DEPENDENCIES
  filewatcher

BUNDLED WITH
   1.17.3
